GEM
  remote: https://rubygems.org/
  specs:
    mustermann (1.0.0.beta2)
    puma (3.7.0)
    rack (2.0.1)
    rack-protection (2.0.0.beta2)
      rack
    sinatra (2.0.0.beta2)
      mustermann (= 1.0.0.beta2)
      rack (~> 2.0)
      rack-protection (= 2.0.0.beta2)
      tilt (~> 2.0)
    tilt (2.0.6)

PLATFORMS
  ruby

DEPENDENCIES
  puma (~> 3.7.0)
  rack (~> 2.0)
  sinatra (~> 2.0.0.beta1)

RUBY VERSION
   ruby 2.3.1p112

BUNDLED WITH
   1.13.6
